GEM
  remote: https://rubygems.org/
  specs:
    bigdecimal (3.1.9)
    diff-lcs (1.5.1)
    filewatcher (2.1.0)
      module_methods (~> 0.1.0)
    mini_portile2 (2.8.8)
    module_methods (0.1.0)
    nio4r (2.7.4)
    puma (6.5.0)
      nio4r (~> 2.0)
    rack (3.1.8)
    rackup (2.2.1)
      rack (>= 3)
    rake (13.2.1)
    roda (3.87.0)
      rack
    rspec (3.13.0)
      rspec-core (~> 3.13.0)
      rspec-expectations (~> 3.13.0)
      rspec-mocks (~> 3.13.0)
    rspec-core (3.13.2)
      rspec-support (~> 3.13.0)
    rspec-expectations (3.13.3)
      diff-lcs (>= 1.2.0, < 2.0)
      rspec-support (~> 3.13.0)
    rspec-mocks (3.13.2)
      diff-lcs (>= 1.2.0, < 2.0)
      rspec-support (~> 3.13.0)
    rspec-support (3.13.2)
    sequel (5.88.0)
      bigdecimal
    sqlite3 (2.5.0)
      mini_portile2 (~> 2.8.0)
    sqlite3 (2.5.0-x86_64-linux-gnu)
    tilt (2.5.0)

PLATFORMS
  ruby
  x86_64-linux

DEPENDENCIES
  filewatcher (~> 2.1)
  puma (~> 6.5)
  rackup (~> 2.2)
  rake (~> 13.2)
  roda (~> 3.87)
  rspec (~> 3.13)
  sequel (~> 5.88)
  sqlite3 (~> 2.5)
  tilt (~> 2.5)

BUNDLED WITH
   2.6.3
